{
    "EstimatedAcquisitionDuration": 1645.89,
    "AcquisitionMatrixPE": 106,
    "AcquisitionNumber": 4,
    "AcquisitionTime": "14:12:42.840000",
    "BodyPartExamined": "BRAIN",
    "CogAtlasID": "http://www.cognitiveatlas.org/task/id/TODO",
    "CoilString": "MULTI COIL",
    "ConversionSoftware": "dcm2niix",
    "ConversionSoftwareVersion": "v1.0.20220720",
    "DeviceSerialNumber": "38317",
    "EchoTime": 0.03,
    "EchoTrainLength": 53,
    "EffectiveEchoSpacing": 0.000346076,
    "EstimatedEffectiveEchoSpacing": 0.000346076,
    "EstimatedTotalReadoutTime": 0.0384144,
    "FlipAngle": 80,
    "HeudiconvVersion": "1.1.6",
    "ImageOrientationPatientDICOM": [
        0.998999,
        -0.017875,
        0.0410064,
        0.0224674,
        0.993179,
        -0.114418
    ],
    "ImageType": [
        "ORIGINAL",
        "PRIMARY",
        "M",
        "FFE",
        "M",
        "FFE"
    ],
    "ImagingFrequency": 127.732,
    "InPlanePhaseEncodingDirectionDICOM": "COL",
    "InstitutionAddress": "Brenneckestr. 6, 39118 Magdeburg, Germany",
    "InstitutionName": "Leibniz Institute for Neurobiology",
    "InstitutionalDepartmentName": "CNI",
    "MRAcquisitionType": "2D",
    "MTState": true,
    "MagneticFieldStrength": 3,
    "Manufacturer": "Philips",
    "ManufacturersModelName": "Achieva dStream",
    "Modality": "MR",
    "ParallelAcquisitionTechnique": "SENSE",
    "ParallelReductionFactorInPlane": 2,
    "PartialFourierDirection": "PHASE",
    "PartialFourierEnabled": "YES",
    "PatientPosition": "HFS",
    "PercentPhaseFOV": 100,
    "PercentSampling": 100.962,
    "PhaseEncodingAxis": "j",
    "PhaseEncodingDirection": "j-",
    "PhaseEncodingStepsNoPartialFourier": 106,
    "PhilipsRWVIntercept": 0,
    "PhilipsRWVSlope": 3.89084,
    "PhilipsRescaleIntercept": 0,
    "PhilipsRescaleSlope": 3.89084,
    "PhilipsScaleSlope": 0.0130258,
    "PixelBandwidth": 1883,
    "ProcedureStepDescription": "lernmulti",
    "ProtocolName": "WIP mb2_EPI_2.0mm_Sense2_TR2",
    "PulseSequenceName": "FEEPI",
    "ReconMatrixPE": 112,
    "RepetitionTime": 2,
    "SAR": 0.800721,
    "ScanOptions": "FS",
    "ScanningSequence": "GR",
    "SequenceVariant": "SK",
    "SeriesDescription": "mb2_EPI_2.0mm_Sense2_TR2",
    "SeriesNumber": 401,
    "SliceThickness": 2,
    "SliceTiming": [
        0.0,
        0.034482758620689655,
        0.06896551724137931,
        0.10344827586206896,
        0.13793103448275862,
        0.1724137931034483,
        0.20689655172413793,
        0.2413793103448276,
        0.27586206896551724,
        0.3103448275862069,
        0.3448275862068966,
        0.3793103448275862,
        0.41379310344827586,
        0.4482758620689655,
        0.4827586206896552,
        0.5172413793103449,
        0.5517241379310345,
        0.5862068965517241,
        0.6206896551724138,
        0.6551724137931034,
        0.6896551724137931,
        0.7241379310344828,
        0.7586206896551724,
        0.7931034482758621,
        0.8275862068965517,
        0.8620689655172413,
        0.896551724137931,
        0.9310344827586207,
        0.9655172413793104,
        0.0,
        0.034482758620689655,
        0.06896551724137931,
        0.10344827586206896,
        0.13793103448275862,
        0.1724137931034483,
        0.20689655172413793,
        0.2413793103448276,
        0.27586206896551724,
        0.3103448275862069,
        0.3448275862068966,
        0.3793103448275862,
        0.41379310344827586,
        0.4482758620689655,
        0.4827586206896552,
        0.5172413793103449,
        0.5517241379310345,
        0.5862068965517241,
        0.6206896551724138,
        0.6551724137931034,
        0.6896551724137931,
        0.7241379310344828,
        0.7586206896551724,
        0.7931034482758621,
        0.8275862068965517,
        0.8620689655172413,
        0.896551724137931,
        0.9310344827586207,
        0.9655172413793104
    ],
    "SoftwareVersions": "5.4.1\\5.4.1.1",
    "SpacingBetweenSlices": 2.2,
    "StationName": "HOST-7HF4OBF0M7",
    "TaskName": "learning",
    "UsePhilipsFloatNotDisplayScaling": 1,
    "WaterFatShift": 16.9977
}